PATH
  remote: ../iiif_s3
  specs:
    iiif_s3 (0.0.2)
      aws-sdk (~> 2.1)
      commander (~> 4.3)
      json-ld (~> 1.1)
      jsonlint (~> 0.1)
      mini_magick (~> 4.2)
      rmagick (~> 2.15)

GEM
  remote: https://rubygems.org/
  specs:
    aws-sdk (2.2.34)
      aws-sdk-resources (= 2.2.34)
    aws-sdk-core (2.2.34)
      jmespath (~> 1.0)
    aws-sdk-resources (2.2.34)
      aws-sdk-core (= 2.2.34)
    babosa (1.0.2)
    commander (4.4.0)
      highline (~> 1.7.2)
    dotenv (2.1.1)
    ethon (0.8.1)
      ffi (>= 1.3.0)
    ffi (1.9.10)
    highline (1.7.8)
    jmespath (1.2.4)
      json_pure (>= 1.8.1)
    json-ld (1.99.2)
      multi_json (~> 1.11)
      rdf (~> 1.99)
    json_pure (1.8.3)
    jsonlint (0.1.0)
      oj (~> 2)
    link_header (0.0.8)
    mini_magick (4.5.1)
    mini_portile2 (2.0.0)
    multi_json (1.11.2)
    nokogiri (1.6.7.2)
      mini_portile2 (~> 2.0.0.rc2)
    oj (2.15.0)
    rdf (1.99.1)
      link_header (~> 0.0, >= 0.0.8)
    rmagick (2.15.4)
    typhoeus (1.0.1)
      ethon (>= 0.8.0)

PLATFORMS
  ruby

DEPENDENCIES
  babosa
  dotenv
  iiif_s3!
  nokogiri
  typhoeus

BUNDLED WITH
   1.11.2
